PATH
  remote: .
  specs:
    scriptdx (0.1.0)
      thor (~> 0.20.0)
      tty-command (~> 0.7.0)
      tty-platform (~> 0.1.0)
      tty-prompt (~> 0.13.2)
      tty-which (~> 0.3.0)

GEM
  remote: https://rubygems.org/
  specs:
    coderay (1.1.2)
    diff-lcs (1.3)
    docile (1.1.5)
    equatable (0.5.0)
    hitimes (1.2.6)
    json (2.1.0)
    method_source (0.9.0)
    necromancer (0.4.0)
    pastel (0.7.2)
      equatable (~> 0.5.0)
      tty-color (~> 0.4.0)
    pry (0.11.3)
      coderay (~> 1.1.0)
      method_source (~> 0.9.0)
    rake (10.5.0)
    rspec (3.7.0)
      rspec-core (~> 3.7.0)
      rspec-expectations (~> 3.7.0)
      rspec-mocks (~> 3.7.0)
    rspec-core (3.7.0)
      rspec-support (~> 3.7.0)
    rspec-expectations (3.7.0)
      diff-lcs (>= 1.2.0, < 2.0)
      rspec-support (~> 3.7.0)
    rspec-mocks (3.7.0)
      diff-lcs (>= 1.2.0, < 2.0)
      rspec-support (~> 3.7.0)
    rspec-support (3.7.0)
    simplecov (0.15.1)
      docile (~> 1.1.0)
      json (>= 1.8, < 3)
      simplecov-html (~> 0.10.0)
    simplecov-html (0.10.2)
    thor (0.20.0)
    timers (4.1.2)
      hitimes
    tty-color (0.4.2)
    tty-command (0.7.0)
      pastel (~> 0.7.0)
    tty-cursor (0.5.0)
    tty-platform (0.1.0)
    tty-prompt (0.13.2)
      necromancer (~> 0.4.0)
      pastel (~> 0.7.0)
      timers (~> 4.1.2)
      tty-cursor (~> 0.5.0)
      tty-reader (~> 0.1.0)
    tty-reader (0.1.0)
      wisper (~> 2.0.0)
    tty-which (0.3.0)
    wisper (2.0.0)

PLATFORMS
  ruby

DEPENDENCIES
  bundler (~> 1.16)
  pry (~> 0.11.3)
  rake (~> 10.0)
  rspec (~> 3.7.0)
  scriptdx!
  simplecov (~> 0.15.1)

BUNDLED WITH
   1.16.0
